GEM
  remote: https://rubygems.org/
  specs:
    activesupport (3.2.11)
      i18n (~> 0.6)
      multi_json (~> 1.0)
    adsf (1.1.1)
      rack (>= 1.0.0)
    chunky_png (1.2.7)
    colored (1.2)
    compass (0.12.2)
      chunky_png (~> 1.2)
      fssm (>= 0.2.7)
      sass (~> 3.1)
    cri (2.3.0)
      colored (>= 1.2)
    fssm (0.2.9)
    haml (3.1.7)
    htmlentities (4.3.1)
    i18n (0.6.1)
    json (1.7.6)
    kramdown (0.14.2)
    mime-types (1.19)
    multi_json (1.5.0)
    nanoc (3.4.3)
      cri (~> 2.2)
    nokogiri (1.5.6)
    posix-spawn (0.3.6)
    pygments.rb (0.3.7)
      posix-spawn (~> 0.3.6)
      yajl-ruby (~> 1.1.0)
    rack (1.5.0)
    rake (10.0.3)
    rubypants (0.2.0)
    sass (3.2.5)
    systemu (2.5.2)
    yajl-ruby (1.1.0)

PLATFORMS
  ruby

DEPENDENCIES
  activesupport
  adsf
  compass
  haml
  htmlentities
  i18n
  json
  kramdown
  mime-types
  nanoc
  nokogiri
  pygments.rb
  rack
  rake
  rubypants
  systemu
